GIT
  remote: git://github.com/substantial/hologram.git
  revision: d6a32574a61eddef2b545d8a65773ac7103de6a5
  specs:
    hologram (1.1.0)
      pygments.rb (~> 0.5.0)
      redcarpet (~> 3.1)

GIT
  remote: https://github.com/pivotal-cf/docs-bookbinder
  revision: cc4e77c8c1edf5ebc64820e9cec97a59f683ae65
  specs:
    bookbindery (1.0.1)
      anemone
      ansi (~> 1.4)
      css_parser
      faraday (~> 0.8.8)
      faraday_middleware (~> 0.9.0)
      fog (~> 1.17)
      git (= 1.2.8)
      middleman (~> 3.3.5)
      middleman-syntax (~> 2.0)
      octokit (= 2.7.0)
      padrino-contrib
      popen4
      puma
      rack-rewrite
      redcarpet (~> 3.0)
      ruby-progressbar
      therubyracer
      unf (~> 0.1)
      vienna (= 0.4.0)
      wkhtmltopdf-binary-cf (= 0.12.3)

GEM
  remote: http://rubygems.org/
  specs:
    CFPropertyList (2.3.0)
    Platform (0.4.0)
    activesupport (4.1.9)
      i18n (~> 0.6, >= 0.6.9)
      json (~> 1.7, >= 1.7.7)
      minitest (~> 5.1)
      thread_safe (~> 0.1)
      tzinfo (~> 1.1)
    addressable (2.3.6)
    anemone (0.7.2)
      nokogiri (>= 1.3.0)
      robotex (>= 1.0.0)
    ansi (1.4.3)
    builder (3.2.2)
    celluloid (0.16.0)
      timers (~> 4.0.0)
    chunky_png (1.3.3)
    coderay (1.1.0)
    coffee-script (2.3.0)
      coffee-script-source
      execjs
    coffee-script-source (1.8.0)
    compass (1.0.1)
      chunky_png (~> 1.2)
      compass-core (~> 1.0.1)
      compass-import-once (~> 1.0.5)
      rb-fsevent (>= 0.9.3)
      rb-inotify (>= 0.9)
      sass (>= 3.3.13, < 3.5)
    compass-core (1.0.1)
      multi_json (~> 1.0)
      sass (>= 3.3.0, < 3.5)
    compass-import-once (1.0.5)
      sass (>= 3.2, < 3.5)
    css_parser (1.3.5)
      addressable
    em-websocket (0.5.1)
      eventmachine (>= 0.12.9)
      http_parser.rb (~> 0.6.0)
    erubis (2.7.0)
    eventmachine (1.0.4)
    excon (0.43.0)
    execjs (2.2.2)
    faraday (0.8.9)
      multipart-post (~> 1.2.0)
    faraday_middleware (0.9.1)
      faraday (>= 0.7.4, < 0.10)
    ffi (1.9.6)
    fission (0.5.0)
      CFPropertyList (~> 2.2)
    fog (1.27.0)
      fog-atmos
      fog-aws (~> 0.0)
      fog-brightbox (~> 0.4)
      fog-core (~> 1.27, >= 1.27.3)
      fog-ecloud
      fog-json
      fog-profitbricks
      fog-radosgw (>= 0.0.2)
      fog-sakuracloud (>= 0.0.4)
      fog-serverlove
      fog-softlayer
      fog-storm_on_demand
      fog-terremark
      fog-vmfusion
      fog-voxel
      fog-xml (~> 0.1.1)
      ipaddress (~> 0.5)
      nokogiri (~> 1.5, >= 1.5.11)
    fog-atmos (0.1.0)
      fog-core
      fog-xml
    fog-aws (0.0.6)
      fog-core (~> 1.27)
      fog-json (~> 1.0)
      fog-xml (~> 0.1)
      ipaddress (~> 0.8)
    fog-brightbox (0.7.1)
      fog-core (~> 1.22)
      fog-json
      inflecto (~> 0.0.2)
    fog-core (1.27.3)
      builder
      excon (~> 0.38)
      formatador (~> 0.2)
      mime-types
      net-scp (~> 1.1)
      net-ssh (>= 2.1.3)
    fog-ecloud (0.0.2)
      fog-core
      fog-xml
    fog-json (1.0.0)
      multi_json (~> 1.0)
    fog-profitbricks (0.0.1)
      fog-core
      fog-xml
      nokogiri
    fog-radosgw (0.0.3)
      fog-core (>= 1.21.0)
      fog-json
      fog-xml (>= 0.0.1)
    fog-sakuracloud (0.1.1)
      fog-core
      fog-json
    fog-serverlove (0.1.1)
      fog-core
      fog-json
    fog-softlayer (0.3.28)
      fog-core (>= 1.27.3)
      fog-json
    fog-storm_on_demand (0.1.0)
      fog-core
      fog-json
    fog-terremark (0.0.3)
      fog-core
      fog-xml
    fog-vmfusion (0.0.1)
      fission
      fog-core
    fog-voxel (0.0.2)
      fog-core
      fog-xml
    fog-xml (0.1.1)
      fog-core
      nokogiri (~> 1.5, >= 1.5.11)
    formatador (0.2.5)
    git (1.2.8)
    guard (2.11.1)
      formatador (>= 0.2.4)
      listen (~> 2.7)
      lumberjack (~> 1.0)
      nenv (~> 0.1)
      notiffany (~> 0.0)
      pry (>= 0.9.12)
      shellany (~> 0.0)
      thor (>= 0.18.1)
    guard-bundler (2.1.0)
      bundler (~> 1.0)
      guard (~> 2.2)
      guard-compat (~> 1.1)
    guard-compat (1.2.1)
    guard-livereload (2.4.0)
      em-websocket (~> 0.5)
      guard (~> 2.8)
      multi_json (~> 1.8)
    guard-shell (0.7.1)
      guard (>= 2.0.0)
      guard-compat (~> 1.0)
    haml (4.0.6)
      tilt
    hike (1.2.3)
    hitimes (1.2.2)
    hooks (0.4.0)
      uber (~> 0.0.4)
    http_parser.rb (0.6.0)
    i18n (0.6.11)
    inflecto (0.0.2)
    ipaddress (0.8.0)
    json (1.8.2)
    kramdown (1.5.0)
    libv8 (3.16.14.7)
    listen (2.8.5)
      celluloid (>= 0.15.2)
      rb-fsevent (>= 0.9.3)
      rb-inotify (>= 0.9)
    lumberjack (1.0.9)
    method_source (0.8.2)
    middleman (3.3.7)
      coffee-script (~> 2.2)
      compass (>= 1.0.0, < 2.0.0)
      compass-import-once (= 1.0.5)
      execjs (~> 2.0)
      haml (>= 4.0.5)
      kramdown (~> 1.2)
      middleman-core (= 3.3.7)
      middleman-sprockets (>= 3.1.2)
      sass (>= 3.4.0, < 4.0)
      uglifier (~> 2.5)
    middleman-core (3.3.7)
      activesupport (~> 4.1.0)
      bundler (~> 1.1)
      erubis
      hooks (~> 0.3)
      i18n (~> 0.6.9)
      listen (>= 2.7.9, < 3.0)
      padrino-helpers (~> 0.12.3)
      rack (>= 1.4.5, < 2.0)
      rack-test (~> 0.6.2)
      thor (>= 0.15.2, < 2.0)
      tilt (~> 1.4.1, < 2.0)
    middleman-sprockets (3.4.1)
      middleman-core (>= 3.3)
      sprockets (~> 2.12.1)
      sprockets-helpers (~> 1.1.0)
      sprockets-sass (~> 1.3.0)
    middleman-syntax (2.0.0)
      middleman-core (~> 3.2)
      rouge (~> 1.0)
    mime-types (2.4.3)
    mini_portile (0.6.2)
    minitest (5.5.1)
    multi_json (1.10.1)
    multipart-post (1.2.0)
    nenv (0.1.1)
    net-scp (1.2.1)
      net-ssh (>= 2.6.5)
    net-ssh (2.9.2)
    nokogiri (1.6.5)
      mini_portile (~> 0.6.0)
    notiffany (0.0.3)
      nenv (~> 0.1)
      shellany (~> 0.0)
    octokit (2.7.0)
      sawyer (~> 0.5.2)
    open4 (1.3.4)
    padrino-contrib (0.2.0)
    padrino-helpers (0.12.4)
      i18n (~> 0.6, >= 0.6.7)
      padrino-support (= 0.12.4)
      tilt (~> 1.4.1)
    padrino-support (0.12.4)
      activesupport (>= 3.1)
    popen4 (0.1.2)
      Platform (>= 0.4.0)
      open4 (>= 0.4.0)
    posix-spawn (0.3.9)
    pry (0.10.1)
      coderay (~> 1.1.0)
      method_source (~> 0.8.1)
      slop (~> 3.4)
    puma (2.10.2)
      rack (>= 1.1, < 2.0)
    pygments.rb (0.5.4)
      posix-spawn (~> 0.3.6)
      yajl-ruby (~> 1.1.0)
    rack (1.6.0)
    rack-rewrite (1.5.1)
    rack-test (0.6.3)
      rack (>= 1.0)
    rb-fsevent (0.9.4)
    rb-inotify (0.9.5)
      ffi (>= 0.5.0)
    redcarpet (3.2.2)
    ref (1.0.5)
    robotex (1.0.0)
    rouge (1.7.7)
    ruby-progressbar (1.7.1)
    sass (3.4.9)
    sawyer (0.5.5)
      addressable (~> 2.3.5)
      faraday (~> 0.8, < 0.10)
    shellany (0.0.1)
    slop (3.6.0)
    sprockets (2.12.3)
      hike (~> 1.2)
      multi_json (~> 1.0)
      rack (~> 1.0)
      tilt (~> 1.1, != 1.3.0)
    sprockets-helpers (1.1.0)
      sprockets (~> 2.0)
    sprockets-sass (1.3.1)
      sprockets (~> 2.0)
      tilt (~> 1.1)
    therubyracer (0.12.1)
      libv8 (~> 3.16.14.0)
      ref
    thor (0.19.1)
    thread_safe (0.3.4)
    tilt (1.4.1)
    timers (4.0.1)
      hitimes
    tzinfo (1.2.2)
      thread_safe (~> 0.1)
    uber (0.0.12)
    uglifier (2.7.0)
      execjs (>= 0.3.0)
      json (>= 1.8.0)
    unf (0.1.4)
      unf_ext
    unf_ext (0.0.6)
    vienna (0.4.0)
      rack (~> 1.5)
    wkhtmltopdf-binary-cf (0.12.3)
    yajl-ruby (1.1.0)

PLATFORMS
  ruby

DEPENDENCIES
  bookbindery!
  guard
  guard-bundler
  guard-livereload
  guard-shell
  hologram!
